PATH
  remote: .
  specs:
    Anime_Suggestor (0.1.0)

GEM
  remote: https://rubygems.org/
  specs:
    rake (10.0.3)

PLATFORMS
  ruby

DEPENDENCIES
  Anime_Suggestor!
  bundler (~> 2.0)
  rake (~> 10.0)

BUNDLED WITH
   2.0.1
